GEM
  remote: https://rubygems.org/
  specs:
    bubble-wrap (1.1.4)
    formotion (1.1.5)
      bubble-wrap (>= 1.1.4)
    motion_support (0.0.6)
      bubble-wrap
    routable (0.0.3)

PLATFORMS
  ruby

DEPENDENCIES
  bubble-wrap
  formotion
  motion_support
  routable
