GEM
  remote: https://rubygems.org/
  specs:
    bubble-wrap (1.1.3)
    formotion (1.1)
      bubble-wrap (>= 1.1.2)
    motion_support (0.0.6)
      bubble-wrap
    routable (0.0.2)

PLATFORMS
  ruby

DEPENDENCIES
  bubble-wrap
  formotion
  motion_support
  routable
