GEM
  remote: http://rubygems.org/
  specs:
    activesupport (3.2.9)
      i18n (~> 0.6)
      multi_json (~> 1.0)
    addressable (2.3.2)
    bubble-wrap (1.1.4)
    cocoapods (0.13.0)
      activesupport (~> 3.2.6)
      colored (~> 1.2)
      escape (~> 0.0.4)
      faraday (~> 0.8.1)
      json (~> 1.7.3)
      octokit (~> 1.7.0)
      open4 (~> 1.3.0)
      rake (~> 0.9.0)
      xcodeproj (>= 0.3.0)
    colored (1.2)
    escape (0.0.4)
    faraday (0.8.4)
      multipart-post (~> 1.1)
    faraday_middleware (0.9.0)
      faraday (>= 0.7.4, < 0.9)
    formotion (1.1.5)
      bubble-wrap (>= 1.1.4)
    hashie (1.2.0)
    i18n (0.6.1)
    json (1.7.5)
    motion-cocoapods (1.1.4)
      cocoapods (>= 0.9.1)
    motion_support (0.0.6)
      bubble-wrap
    multi_json (1.5.0)
    multipart-post (1.1.5)
    octokit (1.7.0)
      addressable (~> 2.2)
      faraday (~> 0.8)
      faraday_middleware (~> 0.8)
      hashie (~> 1.2)
      multi_json (~> 1.3)
    open4 (1.3.0)
    rake (0.9.6)
    xcodeproj (0.4.0)
      activesupport (~> 3.2.6)
      colored (~> 1.2)

PLATFORMS
  ruby

DEPENDENCIES
  bubble-wrap
  cocoapods (~> 0.13.0)
  formotion
  motion-cocoapods (~> 1.1.2)
  motion_support
